GEM
  remote: https://rubygems.org/
  specs:
    connection_pool (2.2.3)
    rack (2.2.3)
    redis (4.2.5)
    redis-namespace (1.8.1)
      redis (>= 3.0.4)
    sidekiq (6.1.3)
      connection_pool (>= 2.2.2)
      rack (~> 2.0)
      redis (>= 4.2.0)
    sidekiq-prometheus-exporter (0.1.15)
      sidekiq (>= 3.3.1)

PLATFORMS
  ruby

DEPENDENCIES
  redis-namespace
  sidekiq-prometheus-exporter

RUBY VERSION
   ruby 2.5.3p105

BUNDLED WITH
   1.17.1
